PATH
  remote: .
  specs:
    missing_rspec (0.1.3)

GEM
  remote: https://rubygems.org/
  specs:

PLATFORMS
  x86_64-darwin-21

DEPENDENCIES
  missing_rspec!

BUNDLED WITH
   2.3.20
